GEM
  remote: https://rubygems.org/
  specs:
    logger (1.2.8)
    multi_json (1.12.2)
    mustermann (1.0.1)
    rack (2.0.3)
    rack-protection (2.0.0)
      rack
    sequel (5.0.0)
    sinatra (2.0.0)
      mustermann (~> 1.0)
      rack (~> 2.0)
      rack-protection (= 2.0.0)
      tilt (~> 2.0)
    tilt (2.0.8)

PLATFORMS
  ruby

DEPENDENCIES
  logger
  multi_json
  sequel
  sinatra

BUNDLED WITH
   1.15.4
